GEM
  remote: http://rubygems.org/
  specs:
    rack (2.1.4)
    rack-nocache (0.1.0)

PLATFORMS
  ruby

DEPENDENCIES
  rack (~> 2.1.4)
  rack-nocache (~> 0.1.0)
